GEM
  remote: https://ruby.taobao.org/
  specs:
    ffi (1.9.10)
    jekyll-paginate (1.1.0)
    jekyll-watch (1.3.0)
      listen (~> 3.0)
    listen (3.0.4)
      rb-fsevent (>= 0.9.3)
      rb-inotify (>= 0.9)
    posix-spawn (0.3.11)
    pygments.rb (0.6.3)
      posix-spawn (~> 0.3.6)
      yajl-ruby (~> 1.2.0)
    rb-fsevent (0.9.6)
    rb-inotify (0.9.5)
      ffi (>= 0.5.0)
    redcarpet (2.3.0)
    yajl-ruby (1.2.1)

PLATFORMS
  ruby

DEPENDENCIES
  jekyll-paginate
  jekyll-watch
  pygments.rb
  redcarpet

BUNDLED WITH
   1.10.6
